GEM
  remote: https://rubygems.org/
  specs:
    ast (2.3.0)
    diff-lcs (1.2.5)
    facter (2.4.6-x64-mingw32)
      ffi (~> 1.9.5)
      win32-dir (~> 0.4.8)
      win32-security (~> 0.2.5)
    ffi (1.9.14-x64-mingw32)
    hiera (3.2.1-x64-mingw32)
      win32-dir (~> 0.4.8)
    json (2.0.2)
    json_pure (1.8.3)
    metaclass (0.0.4)
    metadata-json-lint (0.0.11)
      json
      spdx-licenses (~> 1.0)
    minitar (0.5.4)
    mocha (1.1.0)
      metaclass (~> 0.0.1)
    parser (2.3.1.2)
      ast (~> 2.2)
    powerpack (0.1.1)
    puppet (4.6.0-x64-mingw32)
      facter (> 2.0, < 4)
      ffi (~> 1.9.6)
      hiera (>= 2.0, < 4)
      json_pure (~> 1.8)
      minitar (~> 0.5.4)
      win32-dir (= 0.4.9)
      win32-eventlog (= 0.6.5)
      win32-process (= 0.7.5)
      win32-security (= 0.2.5)
      win32-service (= 0.8.8)
    puppet-lint (2.0.0)
    puppet-syntax (2.1.0)
      rake
    puppetlabs_spec_helper (1.1.1)
      mocha
      puppet-lint
      puppet-syntax
      rake
      rspec-puppet
    rainbow (2.1.0)
    rake (11.2.2)
    rspec (3.5.0)
      rspec-core (~> 3.5.0)
      rspec-expectations (~> 3.5.0)
      rspec-mocks (~> 3.5.0)
    rspec-core (3.5.2)
      rspec-support (~> 3.5.0)
    rspec-expectations (3.5.0)
      diff-lcs (>= 1.2.0, < 2.0)
      rspec-support (~> 3.5.0)
    rspec-mocks (3.5.0)
      diff-lcs (>= 1.2.0, < 2.0)
      rspec-support (~> 3.5.0)
    rspec-puppet (2.4.0)
      rspec
    rspec-support (3.5.0)
    rubocop (0.42.0)
      parser (>= 2.3.1.1, < 3.0)
      powerpack (~> 0.1)
      rainbow (>= 1.99.1, < 3.0)
      ruby-progressbar (~> 1.7)
      unicode-display_width (~> 1.0, >= 1.0.1)
    ruby-progressbar (1.8.1)
    spdx-licenses (1.1.0)
    unicode-display_width (1.1.0)
    win32-dir (0.4.9)
      ffi (>= 1.0.0)
    win32-eventlog (0.6.5)
      ffi
    win32-process (0.7.5)
      ffi (>= 1.0.0)
    win32-security (0.2.5)
      ffi
    win32-service (0.8.8)
      ffi

PLATFORMS
  x64-mingw32

DEPENDENCIES
  facter (>= 2.4.0)
  metadata-json-lint
  puppet (>= 4.0)
  puppet-lint (>= 1.0.0)
  puppetlabs_spec_helper (>= 1.0.0)
  rspec-puppet
  rubocop

BUNDLED WITH
   1.11.2
